GEM
  remote: https://rubygems.org/
  specs:
    minitest (5.14.2)
    rake (13.0.6)

PLATFORMS
  x86_64-linux

DEPENDENCIES
  minitest
  rake

BUNDLED WITH
   2.2.25
